PATH
  remote: .
  specs:
    kcl_catalyst (1.0)

GEM
  remote: https://rubygems.org/
  specs:
    ansi (1.5.0)
    builder (3.2.3)
    coderay (1.1.2)
    method_source (0.9.1)
    minitest (5.11.3)
    minitest-reporters (1.3.5)
      ansi
      builder
      minitest (>= 5.0)
      ruby-progressbar
    pry (0.11.3)
      coderay (~> 1.1.0)
      method_source (~> 0.9.0)
    rake (10.5.0)
    ruby-progressbar (1.10.0)

PLATFORMS
  ruby

DEPENDENCIES
  bundler (~> 1.17)
  kcl_catalyst!
  minitest (~> 5.0)
  minitest-reporters
  pry
  rake (~> 10.0)

BUNDLED WITH
   1.17.1
